PATH
  remote: .
  specs:
    slackpost (0.1.2)

GEM
  remote: https://rubygems.org/
  specs:
    minitest (5.11.3)
    rake (13.0.1)

PLATFORMS
  ruby

DEPENDENCIES
  bundler (~> 2.0)
  minitest (~> 5.11)
  rake (~> 13.0)
  slackpost!

BUNDLED WITH
   2.0.1
